GEM
  remote: https://rubygems.org/
  specs:
    chroma (0.1.0)
    git (1.3.0)
    mustache (1.1.1)
    parallel (1.11.1)
    safe_yaml (1.0.5)
    slugify (1.0.7)
    thor (0.19.4)

PLATFORMS
  x86_64-linux

DEPENDENCIES
  chroma
  git
  mustache (~> 1.0)
  parallel
  safe_yaml
  slugify
  thor

BUNDLED WITH
   2.3.26
