GEM
  remote: https://rubygems.org/
  specs:
    addressable (2.8.1)
      public_suffix (>= 2.0.2, < 6.0)
    chroma (0.1.0)
    git (1.13.0)
      addressable (~> 2.8)
      rchardet (~> 1.8)
    mustache (1.0.3)
    parallel (1.11.1)
    public_suffix (5.0.1)
    rchardet (1.8.0)
    safe_yaml (1.0.5)
    slugify (1.0.7)
    thor (0.19.4)

PLATFORMS
  ruby

DEPENDENCIES
  chroma
  git
  mustache (~> 1.0)
  parallel
  safe_yaml
  slugify
  thor

BUNDLED WITH
   1.14.6
