GEM
  remote: https://rubygems.org/
  specs:
    chroma (0.1.0)
    git (1.11.0)
      rchardet (~> 1.8)
    mustache (1.0.3)
    parallel (1.11.1)
    rchardet (1.8.0)
    safe_yaml (1.0.5)
    slugify (1.0.7)
    thor (0.19.4)

PLATFORMS
  ruby

DEPENDENCIES
  chroma
  git
  mustache (~> 1.0)
  parallel
  safe_yaml
  slugify
  thor

BUNDLED WITH
   1.14.6
