GEM
  remote: https://rubygems.org/
  specs:
    git (1.3.0)
    mustache (1.0.3)

PLATFORMS
  ruby

DEPENDENCIES
  git
  mustache (~> 1.0)

BUNDLED WITH
   1.13.7
