GEM
  remote: https://rubygems.org/
  specs:
    chroma (0.1.0)
    git (1.3.0)
    mustache (1.0.3)
    parallel (1.11.1)
    slugify (1.0.7)
    thor (0.19.4)

PLATFORMS
  ruby

DEPENDENCIES
  chroma
  git
  mustache (~> 1.0)
  parallel
  slugify
  thor

BUNDLED WITH
   1.14.6
