GEM
  remote: https://rubygems.org/
  specs:
    addressable (2.8.5)
      public_suffix (>= 2.0.2, < 6.0)
    chroma (0.2.0)
    git (1.18.0)
      addressable (~> 2.8)
      rchardet (~> 1.8)
    mustache (1.1.1)
    parallel (1.23.0)
    public_suffix (5.0.4)
    rchardet (1.8.0)
    safe_yaml (1.0.5)
    slugify (1.0.7)
    thor (1.3.0)

PLATFORMS
  x86_64-linux

DEPENDENCIES
  chroma
  git
  mustache (~> 1.0)
  parallel
  safe_yaml
  slugify
  thor

BUNDLED WITH
   2.3.26
